PATH
  remote: .
  specs:
    proxies (0.2.1)

GEM
  remote: https://rubygems.org/
  specs:
    metaclass (0.0.4)
    minitest (5.11.1)
    mocha (1.3.0)
      metaclass (~> 0.0.1)
    rake (10.5.0)

PLATFORMS
  ruby

DEPENDENCIES
  bundler (~> 1.16)
  minitest (~> 5.0)
  mocha
  proxies!
  rake (~> 10.0)

BUNDLED WITH
   1.16.1
